GEM
  remote: http://rubygems.org/
  specs:
    activemodel (3.2.22.5)
      activesupport (= 3.2.22.5)
      builder (~> 3.0.0)
    activerecord (3.2.22.5)
      activemodel (= 3.2.22.5)
      activesupport (= 3.2.22.5)
      arel (~> 3.0.2)
      tzinfo (~> 0.3.29)
    activesupport (3.2.22.5)
      i18n (~> 0.6, >= 0.6.4)
      multi_json (~> 1.0)
    addressable (2.4.0)
    arel (3.0.3)
    builder (3.0.4)
    concurrent-ruby (1.0.5)
    descendants_tracker (0.0.4)
      thread_safe (~> 0.3, >= 0.3.1)
    diff-lcs (1.1.3)
    equivalent-xml (0.6.0)
      nokogiri (>= 1.4.3)
    faraday (0.9.2)
      multipart-post (>= 1.2, < 3)
    git (1.3.0)
    github_api (0.16.0)
      addressable (~> 2.4.0)
      descendants_tracker (~> 0.0.4)
      faraday (~> 0.8, < 0.10)
      hashie (>= 3.4)
      mime-types (>= 1.16, < 3.0)
      oauth2 (~> 1.0)
    hashie (3.5.6)
    highline (1.7.10)
    i18n (0.9.1)
      concurrent-ruby (~> 1.0)
    jeweler (2.3.7)
      builder
      bundler (>= 1)
      git (>= 1.2.5)
      github_api (~> 0.16.0)
      highline (>= 1.6.15)
      nokogiri (>= 1.5.10)
      psych (~> 2.2)
      rake
      rdoc
      semver2
    jwt (1.5.6)
    mime-types (2.99.3)
    mini_portile2 (2.3.0)
    multi_json (1.12.2)
    multi_xml (0.6.0)
    multipart-post (2.0.0)
    nokogiri (1.8.1)
      mini_portile2 (~> 2.3.0)
    oauth2 (1.4.0)
      faraday (>= 0.8, < 0.13)
      jwt (~> 1.0)
      multi_json (~> 1.3)
      multi_xml (~> 0.5)
      rack (>= 1.2, < 3)
    power_assert (1.1.1)
    psych (2.2.4)
    rack (1.6.8)
    rake (0.9.6)
    rdoc (5.1.0)
    rspec (2.11.0)
      rspec-core (~> 2.11.0)
      rspec-expectations (~> 2.11.0)
      rspec-mocks (~> 2.11.0)
    rspec-core (2.11.1)
    rspec-expectations (2.11.3)
      diff-lcs (~> 1.1.3)
    rspec-mocks (2.11.3)
    semver2 (3.4.2)
    sqlite3 (1.3.13)
    test-unit (3.2.6)
      power_assert
    thread_safe (0.3.6)
    tzinfo (0.3.53)

PLATFORMS
  ruby

DEPENDENCIES
  activerecord (~> 3.1)
  activesupport (~> 3.1)
  equivalent-xml (>= 0.6.0)
  jeweler
  nokogiri (>= 1.3.3)
  rack (< 2.0.0)
  rake (~> 0.9)
  rspec (~> 2.11.0)
  sqlite3 (>= 1.2.4)
  test-unit

BUNDLED WITH
   1.16.0
